GEM
  remote: https://rubygems.org/
  specs:
    addressable (2.3.8)
    ethon (0.8.1)
      ffi (>= 1.3.0)
    faraday (0.9.2)
      multipart-post (>= 1.2, < 3)
    ffi (1.9.10)
    github-pages-health-check (1.0.1)
      addressable (~> 2.3)
      net-dns (~> 0.8)
      octokit (~> 4.0)
      public_suffix (~> 1.4)
      typhoeus (~> 0.7)
    multipart-post (2.0.0)
    mustermann (2.0.2)
      ruby2_keywords (~> 0.0.1)
    net-dns (0.8.0)
    octokit (4.2.0)
      sawyer (~> 0.6.0, >= 0.5.3)
    public_suffix (1.5.3)
    rack (2.2.4)
    rack-protection (2.2.3)
      rack
    ruby2_keywords (0.0.5)
    sawyer (0.6.0)
      addressable (~> 2.3.5)
      faraday (~> 0.8, < 0.10)
    sinatra (2.2.3)
      mustermann (~> 2.0)
      rack (~> 2.2)
      rack-protection (= 2.2.3)
      tilt (~> 2.0)
    tilt (2.0.11)
    typhoeus (0.8.0)
      ethon (>= 0.8.0)

PLATFORMS
  ruby

DEPENDENCIES
  github-pages-health-check
  sinatra

BUNDLED WITH
   1.11.2
