GEM
  remote: https://rubygems.org/
  specs:
    addressable (2.3.8)
    ethon (0.8.1)
      ffi (>= 1.3.0)
    faraday (0.9.2)
      multipart-post (>= 1.2, < 3)
    ffi (1.15.5)
    github-pages-health-check (1.0.1)
      addressable (~> 2.3)
      net-dns (~> 0.8)
      octokit (~> 4.0)
      public_suffix (~> 1.4)
      typhoeus (~> 0.7)
    multipart-post (2.0.0)
    net-dns (0.8.0)
    octokit (4.2.0)
      sawyer (~> 0.6.0, >= 0.5.3)
    public_suffix (1.5.3)
    rack (1.6.4)
    rack-protection (1.5.3)
      rack
    sawyer (0.6.0)
      addressable (~> 2.3.5)
      faraday (~> 0.8, < 0.10)
    sinatra (1.4.7)
      rack (~> 1.5)
      rack-protection (~> 1.4)
      tilt (>= 1.3, < 3)
    tilt (2.0.2)
    typhoeus (0.8.0)
      ethon (>= 0.8.0)

PLATFORMS
  ruby

DEPENDENCIES
  github-pages-health-check
  sinatra

BUNDLED WITH
   1.11.2
